PATH
  remote: .
  specs:
    mongify (1.2.4)
      activerecord
      activesupport
      bson (~> 1.10.2)
      bson_ext (~> 1.10.2)
      cassandra-driver (~> 1.0.0.beta)
      highline (>= 1.6.1)
      mongo (~> 1.10.2)

GEM
  remote: http://rubygems.org/
  specs:
    activemodel (3.2.19)
      activesupport (= 3.2.19)
      builder (~> 3.0.0)
    activerecord (3.2.19)
      activemodel (= 3.2.19)
      activesupport (= 3.2.19)
      arel (~> 3.0.2)
      tzinfo (~> 0.3.29)
    activesupport (3.2.19)
      i18n (~> 0.6, >= 0.6.4)
      multi_json (~> 1.0)
    arel (3.0.3)
    bson (1.10.2)
    bson_ext (1.10.2)
      bson (~> 1.10.2)
    builder (3.0.4)
    cassandra-driver (1.0.0.beta.3)
      ione (~> 1.2.0.pre4)
    cucumber (1.3.15)
      builder (>= 2.1.2)
      diff-lcs (>= 1.1.3)
      gherkin (~> 2.12)
      multi_json (>= 1.7.5, < 2.0)
      multi_test (>= 0.1.1)
    diff-lcs (1.2.5)
    gherkin (2.12.2)
      multi_json (~> 1.3)
    highline (1.6.21)
    i18n (0.6.11)
    ione (1.2.0.pre4)
    metaclass (0.0.4)
    mocha (1.1.0)
      metaclass (~> 0.0.1)
    mongo (1.10.2)
      bson (= 1.10.2)
    multi_json (1.10.1)
    multi_test (0.1.1)
    mysql2 (0.3.16)
    pg (0.17.1)
    rake (10.3.2)
    rspec (2.13.0)
      rspec-core (~> 2.13.0)
      rspec-expectations (~> 2.13.0)
      rspec-mocks (~> 2.13.0)
    rspec-core (2.13.1)
    rspec-expectations (2.13.0)
      diff-lcs (>= 1.1.3, < 2.0)
    rspec-mocks (2.13.1)
    sqlite3 (1.3.9)
    tzinfo (0.3.41)
    watchr (0.7)
    yard (0.8.7.4)

PLATFORMS
  ruby

DEPENDENCIES
  cucumber (>= 0.10)
  mocha (>= 0.9.8)
  mongify!
  mysql2 (~> 0.3.1)
  pg (>= 0.17)
  rake
  rspec (~> 2.0)
  sqlite3 (>= 1.3)
  watchr (>= 0.6)
  yard (>= 0.5.3)
